GEM
  remote: https://rubygems.org/
  specs:
    matrix (0.4.2)

PLATFORMS
  x86_64-darwin-22

DEPENDENCIES
  matrix (~> 0.4.2)

BUNDLED WITH
   2.4.10
